PATH
  remote: .
  specs:
    bookingsync-sidekiq-pro-extended-metrics-collector (0.1.0)
      dogstatsd-ruby (~> 4)
      sidekiq (>= 5)

GEM
  remote: https://rubygems.org/
  specs:
    concurrent-ruby (1.2.2)
    connection_pool (2.4.0)
    diff-lcs (1.3)
    dogstatsd-ruby (4.6.0)
    rack (3.0.7)
    rake (13.0.1)
    redis-client (0.14.1)
      connection_pool
    rspec (3.9.0)
      rspec-core (~> 3.9.0)
      rspec-expectations (~> 3.9.0)
      rspec-mocks (~> 3.9.0)
    rspec-core (3.9.1)
      rspec-support (~> 3.9.1)
    rspec-expectations (3.9.0)
      diff-lcs (>= 1.2.0, < 2.0)
      rspec-support (~> 3.9.0)
    rspec-mocks (3.9.1)
      diff-lcs (>= 1.2.0, < 2.0)
      rspec-support (~> 3.9.0)
    rspec-support (3.9.2)
    sidekiq (7.0.9)
      concurrent-ruby (< 2)
      connection_pool (>= 2.3.0)
      rack (>= 2.2.4)
      redis-client (>= 0.11.0)

PLATFORMS
  ruby

DEPENDENCIES
  bookingsync-sidekiq-pro-extended-metrics-collector!
  bundler (~> 2.0)
  rake (~> 13.0)
  rspec (~> 3.0)

BUNDLED WITH
   2.1.4
